PATH
  remote: .
  specs:
    gitlab-grack (2.0.2)
      rack (~> 1.6.4)

GEM
  remote: https://rubygems.org/
  specs:
    coderay (1.1.1)
    metaclass (0.0.4)
    method_source (0.8.2)
    mocha (0.14.0)
      metaclass (~> 0.0.1)
    pry (0.10.3)
      coderay (~> 1.1.0)
      method_source (~> 0.8.1)
      slop (~> 3.4)
    rack (1.6.4)
    rack-test (0.6.3)
      rack (>= 1.0)
    rake (10.5.0)
    slop (3.6.0)

PLATFORMS
  ruby

DEPENDENCIES
  gitlab-grack!
  mocha (~> 0.11)
  pry
  rack-test
  rake

BUNDLED WITH
   1.11.2
